GEM
  specs:
    gdk_pixbuf2 (2.0.0)
      glib2 (>= 2.0.0)
    glib2 (2.0.0)
      pkg-config
    pkg-config (1.1.4)
    rake (10.0.4)
    rake-compiler (0.8.3)
      rake
    rubber-generate (0.0.18)

PLATFORMS
  ruby

DEPENDENCIES
  gdk_pixbuf2
  glib2
  rake-compiler
  rubber-generate
